PATH
  remote: .
  specs:
    pair_see (0.1.2)
      git (~> 1.3)
      trollop (~> 2.1)
      yamler (~> 0.1)

GEM
  remote: https://rubygems.org/
  specs:
    ast (2.3.0)
    codeclimate-test-reporter (0.4.7)
      simplecov (>= 0.7.1, < 1.0.0)
    coderay (1.1.1)
    diff-lcs (1.2.5)
    docile (1.1.5)
    git (1.3.0)
    method_source (0.8.2)
    multi_json (1.11.0)
    parallel (1.11.2)
    parser (2.4.0.0)
      ast (~> 2.2)
    powerpack (0.1.1)
    pry (0.10.4)
      coderay (~> 1.1.0)
      method_source (~> 0.8.1)
      slop (~> 3.4)
    rainbow (2.2.2)
      rake
    rake (12.0.0)
    rake_commit (1.1.0)
    rspec (3.2.0)
      rspec-core (~> 3.2.0)
      rspec-expectations (~> 3.2.0)
      rspec-mocks (~> 3.2.0)
    rspec-core (3.2.1)
      rspec-support (~> 3.2.0)
    rspec-expectations (3.2.0)
      diff-lcs (>= 1.2.0, < 2.0)
      rspec-support (~> 3.2.0)
    rspec-mocks (3.2.1)
      diff-lcs (>= 1.2.0, < 2.0)
      rspec-support (~> 3.2.0)
    rspec-support (3.2.2)
    rubocop (0.49.0)
      parallel (~> 1.10)
      parser (>= 2.3.3.1, < 3.0)
      powerpack (~> 0.1)
      rainbow (>= 1.99.1, < 3.0)
      ruby-progressbar (~> 1.7)
      unicode-display_width (~> 1.0, >= 1.0.1)
    ruby-progressbar (1.8.1)
    simplecov (0.9.2)
      docile (~> 1.1.0)
      multi_json (~> 1.0)
      simplecov-html (~> 0.9.0)
    simplecov-html (0.9.0)
    slop (3.6.0)
    trollop (2.1.2)
    unicode-display_width (1.2.1)
    yamler (0.1.0)

PLATFORMS
  ruby

DEPENDENCIES
  bundler (~> 1.15)
  codeclimate-test-reporter (~> 0.4.7)
  pair_see!
  pry
  rake (~> 12)
  rake_commit (~> 1.1)
  rspec (~> 3.2)
  rubocop (~> 0.49.0)

BUNDLED WITH
   1.15.0
